GEM
  remote: http://rubygems.org/
  specs:
    RedCloth (4.2.9)
    awesome_print (1.2.0)
    classifier (1.3.4)
      fast-stemmer (>= 1.0.0)
    colorator (0.1)
    commander (4.1.5)
      highline (~> 1.6.11)
    directory_watcher (1.4.1)
    fast-stemmer (1.0.2)
    highline (1.6.20)
    hpricot (0.8.6)
    jekyll (1.0.3)
      classifier (~> 1.3)
      colorator (~> 0.1)
      commander (~> 4.1.3)
      directory_watcher (~> 1.4.1)
      kramdown (~> 1.0.2)
      liquid (~> 2.3)
      maruku (~> 0.5)
      pygments.rb (~> 0.5.0)
      safe_yaml (~> 0.7.0)
    kramdown (1.0.2)
    liquid (2.5.0)
    maruku (0.6.1)
      syntax (>= 1.0.0)
    mini_portile (0.5.2)
    nokogiri (1.6.1)
      mini_portile (~> 0.5.0)
    posix-spawn (0.3.8)
    pygments.rb (0.5.4)
      posix-spawn (~> 0.3.6)
      yajl-ruby (~> 1.1.0)
    rake (10.1.1)
    rdiscount (1.6.8)
    redcarpet (2.2.2)
    reverse_markdown (0.4.7)
      nokogiri
    safe_yaml (0.7.1)
    syntax (1.2.0)
    yajl-ruby (1.1.0)

PLATFORMS
  ruby

DEPENDENCIES
  RedCloth (= 4.2.9)
  awesome_print
  hpricot
  jekyll (= 1.0.3)
  liquid (= 2.5.0)
  maruku (= 0.6.1)
  rake
  rdiscount (= 1.6.8)
  redcarpet (= 2.2.2)
  reverse_markdown
